PATH
  remote: .
  specs:
    rack-reducer (1.0.1)
      rack (>= 1.6, < 3)

GEM
  remote: https://rubygems.org/
  specs:
    ast (2.4.0)
    benchmark-ips (2.7.2)
    benchmark-memory (0.1.2)
      memory_profiler (~> 0.9)
    coderay (1.1.2)
    diff-lcs (1.3)
    jaro_winkler (1.5.2)
    memory_profiler (0.9.12)
    method_source (0.9.2)
    parallel (1.14.0)
    parser (2.6.0.0)
      ast (~> 2.4.0)
    powerpack (0.1.2)
    pry (0.12.2)
      coderay (~> 1.1.0)
      method_source (~> 0.9.0)
    psych (3.1.0)
    rack (2.0.6)
    rack-test (0.8.3)
      rack (>= 1.0, < 3)
    rainbow (3.0.0)
    rake (12.3.2)
    rspec (3.8.0)
      rspec-core (~> 3.8.0)
      rspec-expectations (~> 3.8.0)
      rspec-mocks (~> 3.8.0)
    rspec-core (3.8.0)
      rspec-support (~> 3.8.0)
    rspec-expectations (3.8.2)
      diff-lcs (>= 1.2.0, < 2.0)
      rspec-support (~> 3.8.0)
    rspec-mocks (3.8.0)
      diff-lcs (>= 1.2.0, < 2.0)
      rspec-support (~> 3.8.0)
    rspec-support (3.8.0)
    rubocop (0.65.0)
      jaro_winkler (~> 1.5.1)
      parallel (~> 1.10)
      parser (>= 2.5, != 2.5.1.1)
      powerpack (~> 0.1)
      psych (>= 3.1.0)
      rainbow (>= 2.2.2, < 4.0)
      ruby-progressbar (~> 1.7)
      unicode-display_width (~> 1.4.0)
    ruby-progressbar (1.10.0)
    unicode-display_width (1.4.1)
    yard (0.9.18)

PLATFORMS
  ruby

DEPENDENCIES
  benchmark-ips
  benchmark-memory
  bundler (~> 2)
  pry (~> 0.11)
  rack-reducer!
  rack-test (~> 0)
  rake (~> 12)
  rspec (~> 3)
  rubocop (~> 0.61)
  yard (~> 0.9)

BUNDLED WITH
   2.0.1
